PATH
  remote: .
  specs:
    json-jwt (0.2.0)
      activesupport (>= 2.3)
      i18n
      json (>= 1.4.3)
      url_safe_base64

GEM
  remote: http://rubygems.org/
  specs:
    activesupport (3.2.8)
      i18n (~> 0.6)
      multi_json (~> 1.0)
    bouncy-castle-java (1.5.0146.1)
    diff-lcs (1.1.3)
    i18n (0.6.1)
    jruby-openssl (0.7.7)
      bouncy-castle-java (>= 1.5.0146.1)
    json (1.7.5-java)
    multi_json (1.3.6)
    rake (0.9.2.2)
    rcov (0.9.11-java)
    rspec (2.11.0)
      rspec-core (~> 2.11.0)
      rspec-expectations (~> 2.11.0)
      rspec-mocks (~> 2.11.0)
    rspec-core (2.11.1)
    rspec-expectations (2.11.3)
      diff-lcs (~> 1.1.3)
    rspec-mocks (2.11.3)
    url_safe_base64 (0.2.1)

PLATFORMS
  java

DEPENDENCIES
  jruby-openssl (>= 0.7)
  json-jwt!
  rake (>= 0.8)
  rcov (~> 0.9)
  rspec (>= 2)
