PATH
  remote: .
  specs:
    json-jwt (0.4.2)
      activesupport (>= 2.3)
      i18n
      multi_json (>= 1.3)
      url_safe_base64

GEM
  remote: http://rubygems.org/
  specs:
    activesupport (3.2.11)
      i18n (~> 0.6)
      multi_json (~> 1.0)
    configatron (2.9.1)
      yamler (>= 0.1.0)
    cover_me (1.2.0)
      configatron
      hashie
    diff-lcs (1.1.3)
    hashie (1.2.0)
    i18n (0.6.1)
    multi_json (1.5.0)
    rake (10.0.2)
    rspec (2.12.0)
      rspec-core (~> 2.12.0)
      rspec-expectations (~> 2.12.0)
      rspec-mocks (~> 2.12.0)
    rspec-core (2.12.1)
    rspec-expectations (2.12.0)
      diff-lcs (~> 1.1.3)
    rspec-mocks (2.12.0)
    url_safe_base64 (0.2.1)
    yamler (0.1.0)

PLATFORMS
  java
  ruby

DEPENDENCIES
  cover_me (>= 1.2.0)
  json-jwt!
  rake (>= 0.8)
  rspec (>= 2)
