PATH
  remote: .
  specs:
    json-jwt (0.0.3)
      activesupport (>= 2.3)
      i18n
      json (>= 1.4.3)
      url_safe_base64

GEM
  remote: http://rubygems.org/
  specs:
    activesupport (3.1.0)
      multi_json (~> 1.0)
    diff-lcs (1.1.3)
    i18n (0.6.0)
    json (1.6.1)
    multi_json (1.0.3)
    rake (0.9.2)
    rcov (0.9.10)
    rspec (2.6.0)
      rspec-core (~> 2.6.0)
      rspec-expectations (~> 2.6.0)
      rspec-mocks (~> 2.6.0)
    rspec-core (2.6.4)
    rspec-expectations (2.6.0)
      diff-lcs (~> 1.1.2)
    rspec-mocks (2.6.0)
    url_safe_base64 (0.2.1)

PLATFORMS
  ruby

DEPENDENCIES
  jruby-openssl (>= 0.7)
  json-jwt!
  rake (>= 0.8)
  rcov (>= 0.9)
  rspec (>= 2)
