PATH
  remote: .
  specs:
    json-jwt (0.3.1)
      activesupport (>= 2.3)
      i18n
      json (>= 1.4.3)
      url_safe_base64

GEM
  remote: http://rubygems.org/
  specs:
    activesupport (3.2.8)
      i18n (~> 0.6)
      multi_json (~> 1.0)
    configatron (2.9.1)
      yamler (>= 0.1.0)
    cover_me (1.2.0)
      configatron
      hashie
    diff-lcs (1.1.3)
    hashie (1.2.0)
    i18n (0.6.1)
    json (1.7.5)
    json (1.7.5-java)
    multi_json (1.3.6)
    rake (0.9.2.2)
    rspec (2.11.0)
      rspec-core (~> 2.11.0)
      rspec-expectations (~> 2.11.0)
      rspec-mocks (~> 2.11.0)
    rspec-core (2.11.1)
    rspec-expectations (2.11.3)
      diff-lcs (~> 1.1.3)
    rspec-mocks (2.11.3)
    url_safe_base64 (0.2.1)
    yamler (0.1.0)

PLATFORMS
  java
  ruby

DEPENDENCIES
  cover_me (>= 1.2.0)
  json-jwt!
  rake (>= 0.8)
  rspec (>= 2)
